GEM
  remote: https://rubygems.org/
  specs:
    asciidoctor (2.0.10)
    asciidoctor-diagram (1.5.18)
      asciidoctor (>= 1.5.0, < 3.x)

PLATFORMS
  ruby

DEPENDENCIES
  asciidoctor
  asciidoctor-diagram

BUNDLED WITH
   2.0.2
